##TITLE= Parameter file, TOPSPIN		Version 3.2
##JCAMPDX= 5.0
##DATATYPE= Parameter Values
##NPOINTS= 188	$$ modification sequence number
##ORIGIN= Bruker BioSpin GmbH
##OWNER= lorieau
$$ 2017-01-27 22:06:45.390 -0600  lorieau@av500hd
$$ /opt/topspin3.2/data/chard/nmr/CD20170124_av500hd_CN-His-Ubq/103/acqu3s
$$ process /opt/topspin3.2/prog/mod/go
##$ACQT0= 0
##$BF1= 125.692411
##$FnMODE= 5
##$NUC1= <13C>
##$NusJSP= 0
##$NusT2= 1
##$NusTD= 102
##$O1= 21901.9026167473
##$SFO1= 125.714312902617
##$SW= 11.5016537510263
##$SW_h= 1445.92249855408
##$TD= 102
##END=
