##TITLE= Parameter file, TOPSPIN		Version 3.2
##JCAMPDX= 5.0
##DATATYPE= Parameter Values
##NPOINTS= 13	$$ modification sequence number
##ORIGIN= Bruker BioSpin GmbH
##OWNER= lorieau
$$ 2022-05-05 15:02:11.590 -0500  lorieau@av500hd
$$ /opt/topspin3.2/data/alec/nmr/AM20220505_av500hd_N-Ubq_NUS/102/acqu2
$$ process /opt/topspin3.2/prog/mod/dataserver
##$ACQT0= 0
##$BF1= 50.651387
##$FnMODE= 6
##$NUC1= <15N>
##$NusJSP= 0
##$NusT2= 1
##$NusTD= 0
##$O1= 5951.53797249992
##$SFO1= 50.6573385379725
##$SW= 35
##$SW_h= 1773.00684882904
##$TD= 364
##END=
