##TITLE= Parameter file, TOPSPIN		Version 3.2
##JCAMPDX= 5.0
##DATATYPE= Parameter Values
##NPOINTS= 4492	$$ modification sequence number
##ORIGIN= Bruker BioSpin GmbH
##OWNER= nmrsu
$$ 2021-03-31 19:48:18.448 -0500  lorieau@av500hd
$$ /opt/topspin3.2/conf/instr/spect/specpar
$$ process /opt/topspin3.2/prog/mod/cprserver
##$ANCIEN= (0..7)
0 0 0 0 0 0 0 0
##$BF1= 100.13
##$BF2= 100.13
##$BF3= 100.13
##$DEC= 1
##$DECB= 1
##$DEF19F= yes
##$DEFRSEL= yes
##$HPMOD= (0..7)
0 0 0 0 0 0 0 0
##$HPPRECH= (0..15)
-1 -1 -1 -1 -1 -1 -1 -1 -1 -1 -1 -1 -1 -1 -1 -1
##$LOCSW19F= -1
##$LOCSW2H= -1
##$NUC1= 1
##$NUC2= 10
##$NUC3= 12
##$NUC4= 0
##$NUC5= 0
##$NUC6= 0
##$NUC7= 0
##$NUC8= 0
##$NUCARR= (0..123)
499.87 499.87 76.733089 533.181207 380.798152 73.561299 194.268462 70.240798
53.704323 160.378161 125.692411 36.110034 50.651387 67.764662 470.347733
39.461217 132.225113 30.600217 130.250421 99.310108 202.351085 38.370021
48.976808 40.768023 23.325799 12.803195 33.641396 121.427156 28.180341
28.187854 49.838584 131.480546 28.255132 123.913864 16.184681 118.604525
44.668638 132.542895 141.98154 31.275881 119.975568 152.443874 17.43704
85.590811 95.332772 26.081827 125.23733 134.997482 19.232998 48.262164
163.559733 21.663476 24.49462 46.469405 122.349031 32.576158 33.259825
112.512369 23.019768 25.800135 15.928093 22.874551 20.233833 23.261615
106.04982 110.937024 109.30035 109.534659 163.551211 178.114973 186.404682
119.621775 64.779238 130.814689 157.70783 100.01142 139.014777 41.208888
65.563659 49.65937 55.550193 65.954347 70.609842 153.060194 27.242915 16.795632
20.844579 17.195528 124.267682 54.885726 15.346009 20.144761 120.168748
17.195528 24.093734 106.672258 14.396256 41.439223 87.473781 24.098733
57.005175 40.64443 20.029791 12.581728 59.932414 20.826519 112.593718 113.728423
11.408688 38.816905 8.587767 9.352568 107.455974 8.642752 89.530826 33.04932
285.54174 288.344201 104.575798 80.32555 9.204606 100 100 100
##$OBS= 1
##$OFFSF= (0..7)
0 0 0 0 0 0 0 0
##$OFFSH= (0..7)
2338.00000000883 0 0 0 0 0 0 0
##$OFFSX= (0..7)
5027.69999999941 5852.30000000081 0 0 0 0 0 0
##$OFFSXAS= (0..7)
0 0 0 0 0 0 0 0
##$OFSF1= 0
##$OFSF2= 0
##$OFSH1= 0
##$OFSH2= 0
##$OFSH3= 0
##$OFSX1= 0
##$OFSX2= 0
##$OFSY= 0
##$PACOIL= (0..15)
0 0 0 0 0 0 0 0 0 0 0 0 0 0 0 0
##$PRECHAN= (0..15)
-1 3 0 1 4 2 -1 -1 -1 -1 -1 -1 -1 -1 -1 -1
##$RECPRE= (0..15)
-1 0 -1 -1 -1 -1 -1 -1 -1 -1 -1 -1 -1 -1 -1 -1
##$RECSEL= (0..15)
0 0 0 0 1 0 0 0 0 0 0 0 0 0 0 0
##$SELREC= (0..9)
0 0 0 0 0 0 0 0 0 0
##$SFO1= 499.872338
##$SFO2= 125.697439
##$SFO3= 50.657239
##$SFO4= 499.873005
##$SFO5= 499.873005
##$SFO6= 499.873005
##$SFO7= 499.873005
##$SFO8= 499.873005
##$TY= (0..123)
0 0 0 0 0 0 0 0 0 0 0 0 0 0 0 0 0 0 0 0 0 0 0 0 0 0 0 0 0 0 0 0 0 0 0 0
0 0 0 0 0 0 0 0 0 0 0 0 0 0 0 0 0 0 0 0 0 0 0 0 0 0 0 0 0 0 0 0 0 0 0 0
0 0 0 0 0 0 0 0 0 0 0 0 0 0 0 0 0 0 0 0 0 0 0 0 0 0 0 0 0 0 0 0 0 0 0 0
0 0 0 0 0 0 0 0 0 0 0 0 0 0 0 0
##END=
